GEM
  remote: https://rubygems.org/
  specs:
    codacy-coverage (2.2.1)
      simplecov
    coveralls (0.7.2)
      multi_json (~> 1.3)
      rest-client (= 1.6.7)
      simplecov (>= 0.7)
      term-ansicolor (= 1.2.2)
      thor (= 0.18.1)
    docile (1.3.2)
    mime-types (3.3.1)
      mime-types-data (~> 3.2015)
    mime-types-data (3.2019.1009)
    multi_json (1.14.1)
    rest-client (1.6.7)
      mime-types (>= 1.16)
    simplecov (0.18.5)
      docile (~> 1.1)
      simplecov-html (~> 0.11)
    simplecov-html (0.12.2)
    term-ansicolor (1.2.2)
      tins (~> 0.8)
    thor (0.18.1)
    tins (0.13.2)

PLATFORMS
  ruby
  x64-mingw32

DEPENDENCIES
  codacy-coverage (>= 1.1.8)
  coveralls
  simplecov (>= 0.16.1)

BUNDLED WITH
   1.17.3
